PATH
  remote: .
  specs:
    matuix (1.0.0)

GEM
  remote: https://rubygems.org/
  specs:
    coderay (1.1.3)
    method_source (1.0.0)
    pry (0.13.1)
      coderay (~> 1.1)
      method_source (~> 1.0)
    rake (12.3.3)
    tco (0.1.8)

PLATFORMS
  ruby

DEPENDENCIES
  matuix!
  pry (~> 0.13.1)
  rake (~> 12.0)
  tco (~> 0.1.8)

BUNDLED WITH
   2.1.4
